GEM
  remote: https://rubygems.org/
  specs:
    cheatset (1.4.2)
      haml
      plist
      redcarpet
      rouge
      sanitize
      sqlite3
      thor
      unindent
    crass (1.0.6)
    haml (5.2.1)
      temple (>= 0.8.0)
      tilt
    mini_portile2 (2.4.0)
    nokogiri (1.10.10)
      mini_portile2 (~> 2.4.0)
    nokogumbo (2.0.4)
      nokogiri (~> 1.8, >= 1.8.4)
    plist (3.5.0)
    redcarpet (3.5.1)
    rouge (3.26.0)
    sanitize (5.2.1)
      crass (~> 1.0.2)
      nokogiri (>= 1.8.0)
      nokogumbo (~> 2.0)
    sqlite3 (1.4.2)
    temple (0.8.2)
    thor (1.0.1)
    tilt (2.0.10)
    unindent (1.0)

PLATFORMS
  ruby

DEPENDENCIES
  cheatset

BUNDLED WITH
   1.17.2
